GEM
  remote: https://rubygems.org/
  specs:
    coffee-script (2.2.0)
      coffee-script-source
      execjs
    coffee-script-source (1.6.3)
    daemons (1.1.9)
    dependor (1.0.1)
    eventmachine (1.0.3)
    execjs (2.0.2)
    haml (4.0.3)
      tilt
    haml_coffee_assets (1.15.0)
      coffee-script (>= 1.0.0)
      sprockets (>= 2.0.3)
      tilt (>= 1.3.3)
    hike (1.2.3)
    json (1.8.1)
    libv8 (3.16.14.3)
    multi_json (1.8.2)
    rack (1.5.2)
    rack-protection (1.5.1)
      rack
    rake (10.1.0)
    ref (1.0.5)
    sass (3.2.12)
    sequel (4.4.0)
    sinatra (1.4.4)
      rack (~> 1.4)
      rack-protection (~> 1.4)
      tilt (~> 1.3, >= 1.3.4)
    sinatra-asset-pipeline (0.3.1)
      coffee-script
      rake
      sass
      sinatra
      sprockets
      sprockets-helpers
      sprockets-sass
    sprockets (2.10.0)
      hike (~> 1.2)
      multi_json (~> 1.0)
      rack (~> 1.0)
      tilt (~> 1.1, != 1.3.0)
    sprockets-helpers (1.0.1)
      sprockets (~> 2.0)
    sprockets-sass (1.0.2)
      sprockets (~> 2.0)
      tilt (~> 1.1)
    sqlite3 (1.3.8)
    therubyracer (0.12.0)
      libv8 (~> 3.16.14.0)
      ref
    thin (1.5.1)
      daemons (>= 1.0.9)
      eventmachine (>= 0.12.6)
      rack (>= 1.0.0)
    tilt (1.4.1)
    uglifier (2.3.0)
      execjs (>= 0.3.0)
      json (>= 1.8.0)
    wiringpi (1.1.0)

PLATFORMS
  ruby

DEPENDENCIES
  dependor
  execjs
  haml
  haml_coffee_assets
  sequel
  sinatra
  sinatra-asset-pipeline
  sprockets
  sqlite3
  therubyracer
  thin
  uglifier
  wiringpi
